PATH
  remote: .
  specs:
    ar_pretty_sql (0.1.0)
      anbt-sql-formatter (~> 0.1)
      rouge (~> 3.2)

GEM
  remote: https://rubygems.org/
  specs:
    anbt-sql-formatter (0.1.0)
    diff-lcs (1.4.4)
    rake (13.0.6)
    rouge (3.28.0)
    rspec (3.10.0)
      rspec-core (~> 3.10.0)
      rspec-expectations (~> 3.10.0)
      rspec-mocks (~> 3.10.0)
    rspec-core (3.10.1)
      rspec-support (~> 3.10.0)
    rspec-expectations (3.10.1)
      diff-lcs (>= 1.2.0, < 2.0)
      rspec-support (~> 3.10.0)
    rspec-mocks (3.10.2)
      diff-lcs (>= 1.2.0, < 2.0)
      rspec-support (~> 3.10.0)
    rspec-support (3.10.2)

PLATFORMS
  ruby

DEPENDENCIES
  ar_pretty_sql!
  rake (~> 13.0)
  rspec (~> 3.0)

BUNDLED WITH
   2.1.4
